GEM
  remote: https://rubygems.org/
  specs:
    sequel (5.27.0)
    sqlite3 (1.4.1)

PLATFORMS
  ruby

DEPENDENCIES
  sequel (~> 5.27)
  sqlite3 (~> 1.4, >= 1.4.1)

BUNDLED WITH
   1.16.6
